GEM
  remote: https://rubygems.org/
  specs:
    addressable (2.3.6)
    dotenv (0.11.1)
      dotenv-deployment (~> 0.0.2)
    dotenv-deployment (0.0.2)
    dotenv-rails (0.11.1)
      dotenv (= 0.11.1)
    faraday (0.9.0)
      multipart-post (>= 1.2, < 3)
    json (1.8.1)
    koala (1.9.0)
      addressable
      faraday
      multi_json
    multi_json (1.10.1)
    multipart-post (2.0.0)
    postmark (1.3.1)
      json
      rake
    rake (10.3.2)

PLATFORMS
  ruby

DEPENDENCIES
  dotenv-rails
  koala
  postmark
  rake
